GEM
  remote: https://rubygems.org/
  specs:
    asciidoctor (1.5.8)
    coderay (1.1.2)
    rake (12.3.3)
    tilt (2.0.9)

PLATFORMS
  ruby

DEPENDENCIES
  asciidoctor
  coderay
  rake
  tilt
